GEM
  remote: http://rubygems.org/
  remote: http://gems.github.com/
  specs:
    actionmailer (2.3.8)
      actionpack (= 2.3.8)
    actionpack (2.3.8)
      activesupport (= 2.3.8)
      rack (~> 1.1.0)
    activerecord (2.3.8)
      activesupport (= 2.3.8)
    activeresource (2.3.8)
      activesupport (= 2.3.8)
    activesupport (2.3.8)
    acts_as_textcaptcha (4.0.0)
    aws-s3 (0.6.3)
      builder
      mime-types
      xml-simple
    builder (3.2.2)
    mime-types (1.25.1)
    mini_magick (3.1)
      subexec (~> 0.0.4)
    paperclip (2.3.1.1)
    rack (1.1.6)
    rails (2.3.8)
      actionmailer (= 2.3.8)
      actionpack (= 2.3.8)
      activerecord (= 2.3.8)
      activeresource (= 2.3.8)
      activesupport (= 2.3.8)
      rake (>= 0.8.3)
    rake (10.4.2)
    rubygems-update (1.4.2)
    sqlite3 (1.3.10-x86-mingw32)
    sqlite3-ruby (1.3.3)
      sqlite3 (>= 1.3.3)
    subexec (0.0.4)
    will_paginate (2.3.16)
    xml-simple (1.1.5)

PLATFORMS
  x86-mingw32

DEPENDENCIES
  acts_as_textcaptcha (= 4.0.0)
  aws-s3
  mime-types (~> 1.19)
  mini_magick (= 3.1)
  paperclip (= 2.3.1.1)
  rails (= 2.3.8)
  rubygems-update (= 1.4.2)
  sqlite3-ruby (= 1.3.3)
  will_paginate (~> 2.3.16)
